GEM
  remote: https://rubygems.org/
  specs:
    awesome_print (1.2.0)
    clipboard (1.0.5)
    coderay (1.1.0)
    diff-lcs (1.2.5)
    discover-unused-partials (0.3.0)
    faraday (0.9.0)
      multipart-post (>= 1.2, < 3)
    gem-browse (1.0.0)
    gem-ctags (1.0.6)
    gem-release (0.7.2)
    git-pairing (0.5.2)
      awesome_print (>= 1.1.0)
      highline (>= 1.6.15)
      paint (>= 0.8.5)
      trollop (>= 2.0)
    github-auth (3.1.0)
      faraday (~> 0.9.0)
      thor (~> 0.18.1)
    grit (2.5.0)
      diff-lcs (~> 1.1)
      mime-types (~> 1.15)
      posix-spawn (~> 0.3.6)
    gx (1.3.3)
      grit (~> 2.4)
    highline (1.6.21)
    hookup (1.2.3)
    hub (1.12.0)
    infect (0.0.5)
    lunchy (0.7.0)
    method_source (0.8.2)
    mime-types (1.25.1)
    multipart-post (2.0.0)
    paint (0.8.7)
    posix-spawn (0.3.8)
    pry (0.9.12.6)
      coderay (~> 1.0)
      method_source (~> 0.8)
      slop (~> 3.4)
    pry-clipboard (0.1.1)
      clipboard
      pry
    pry-nav (0.2.3)
      pry (~> 0.9.10)
    slop (3.5.0)
    thor (0.18.1)
    trollop (2.0)
    yard (0.8.7.4)

PLATFORMS
  ruby

DEPENDENCIES
  bundler
  discover-unused-partials
  gem-browse
  gem-ctags
  gem-release
  git-pairing
  github-auth
  gx
  hookup
  hub
  infect
  lunchy
  pry
  pry-clipboard
  pry-nav
  yard
