GEM
  remote: https://rubygems.org/
  specs:
    activesupport (4.0.4)
      i18n (~> 0.6, >= 0.6.9)
      minitest (~> 4.2)
      multi_json (~> 1.3)
      thread_safe (~> 0.1)
      tzinfo (~> 0.3.37)
    alias (0.2.3)
    awesome_print (1.2.0)
    binding.repl (1.0.4.1)
    binding_of_caller (0.7.2)
      debug_inspector (>= 0.0.1)
    bond (0.5.1)
    boson (1.2.4)
    boson-more (0.2.2)
      boson (>= 1.2.0)
    clipboard (1.0.5)
    coderay (1.1.0)
    debug_inspector (0.0.2)
    debugging (1.0.1)
      binding.repl (~> 1)
      paint (~> 0, >= 0.8.7)
    desktop (1.1.0)
      faraday (~> 0.9)
      sqlite3 (~> 1.3)
      thor (~> 0.19)
    diff-lcs (1.2.5)
    discover-unused-partials (0.3.0)
    erubis (2.7.0)
    every_day_irb (1.6.1)
    fancy_irb (0.7.3)
      paint (>= 0.8.1)
      unicode-display_width (>= 0.1.1)
    faraday (0.9.0)
      multipart-post (>= 1.2, < 3)
    ffi (1.9.3)
    g (1.7.2)
    gem-browse (1.0.0)
    gem-ctags (1.0.6)
    gem-release (0.7.2)
    git-pairing (0.5.2)
      awesome_print (>= 1.1.0)
      highline (>= 1.6.15)
      paint (>= 0.8.5)
      trollop (>= 2.0)
    github-auth (3.0.1)
      httparty (~> 0.11.0)
      thor (~> 0.18)
    grit (2.5.0)
      diff-lcs (~> 1.1)
      mime-types (~> 1.15)
      posix-spawn (~> 0.3.6)
    gx (1.3.3)
      grit (~> 2.4)
    highline (1.6.21)
    hirb (0.7.1)
    hirb-unicode (0.0.5)
      hirb (~> 0.5)
      unicode-display_width (~> 0.1.1)
    hookup (1.2.3)
    httparty (0.11.0)
      multi_json (~> 1.0)
      multi_xml (>= 0.5.2)
    hub (1.12.0)
    i18n (0.6.9)
    infect (0.0.5)
    interactive_editor (0.0.10)
      spoon (>= 0.0.1)
    irbtools (1.6.1)
      alias (~> 0.2.3)
      awesome_print (~> 1.2)
      binding.repl (>= 1.0.1)
      boson (~> 1.2.4)
      boson-more (~> 0.2.2)
      clipboard (~> 1.0.5)
      coderay (~> 1.1.0)
      debugging (~> 1.0)
      every_day_irb (>= 1.6.1)
      fancy_irb (>= 0.7.3)
      g (>= 1.7.2)
      hirb (~> 0.7)
      interactive_editor (>= 0.0.10)
      method_locator (>= 0.0.4)
      method_source (>= 0.8.2)
      methodfinder (>= 1.2.5)
      ori (~> 0.1.0)
      os (~> 0.9)
      paint (>= 0.8.7)
      ruby_engine (~> 1.0)
      ruby_info (~> 1.0)
      ruby_version (~> 1.0)
      wirb (>= 1.0.3)
    irbtools-more (1.6.1)
      binding_of_caller (~> 0.7)
      bond (~> 0.5)
      irbtools (~> 1.6)
      looksee (~> 2.0)
    json (1.8.1)
    looksee (2.1.0)
    lunchy (0.7.0)
    method_locator (0.0.4)
    method_source (0.8.2)
    methodfinder (2.0.0)
    mime-types (1.25.1)
    minitest (4.7.5)
    multi_json (1.9.3)
    multi_xml (0.5.5)
    multipart-post (2.0.0)
    ori (0.1.0)
    os (0.9.6)
    paint (0.8.7)
    posix-spawn (0.3.8)
    pry (0.9.12.6)
      coderay (~> 1.0)
      method_source (~> 0.8)
      slop (~> 3.4)
    pry-clipboard (0.1.1)
      clipboard
      pry
    pry-nav (0.2.3)
      pry (~> 0.9.10)
    pry-theme (1.0.3)
      coderay (~> 1.1)
      json (~> 1.8)
    ruby_engine (1.0.1)
    ruby_info (1.0.1)
    ruby_version (1.0.1)
    slop (3.5.0)
    spoon (0.0.4)
      ffi
    sqlite3 (1.3.9)
    thor (0.19.1)
    thread_safe (0.3.3)
    tmuxinator (0.6.6)
      activesupport
      erubis
      thor (>= 0.18.0)
    trollop (2.0)
    tzinfo (0.3.39)
    unicode-display_width (0.1.1)
    wirb (1.0.3)
      paint (~> 0.8)
    wirble (0.1.3)
    yard (0.8.7.4)

PLATFORMS
  ruby

DEPENDENCIES
  awesome_print
  bundler
  desktop
  discover-unused-partials
  gem-browse
  gem-ctags
  gem-release
  git-pairing
  github-auth
  gx
  hirb
  hirb-unicode
  hookup
  hub
  infect
  interactive_editor
  irbtools
  irbtools-more
  lunchy
  pry
  pry-clipboard
  pry-nav
  pry-theme
  tmuxinator
  wirb
  wirble
  yard
