GEM
  remote: https://rubygems.org/
  specs:
    activesupport (3.2.20)
      i18n (~> 0.6, >= 0.6.4)
      multi_json (~> 1.0)
    alias (0.2.3)
    ast (2.0.0)
    astrolabe (1.3.0)
      parser (>= 2.2.0.pre.3, < 3.0)
    awesome_print (1.2.0)
    binding.repl (1.0.4.1)
    binding_of_caller (0.7.2)
      debug_inspector (>= 0.0.1)
    bond (0.5.1)
    boson (1.3.0)
    boson-more (0.3.0)
      boson (>= 1.3.0)
    clipboard (1.0.5)
    coderay (1.1.0)
    debug_inspector (0.0.2)
    debugging (1.0.1)
      binding.repl (~> 1)
      paint (~> 0, >= 0.8.7)
    desktop (1.1.2)
      faraday (~> 0.9)
      sqlite3 (~> 1.3)
      thor (~> 0.19)
    did_you_mean (0.9.0)
      interception
    diff-lcs (1.2.5)
    discover-unused-partials (0.3.1)
    domain_name (0.5.22)
      unf (>= 0.0.5, < 1.0.0)
    erubis (2.7.0)
    every_day_irb (1.7.0)
    fancy_irb (0.7.3)
      paint (>= 0.8.1)
      unicode-display_width (>= 0.1.1)
    faraday (0.9.0)
      multipart-post (>= 1.2, < 3)
    ffi (1.9.6)
    g (1.7.2)
    gem-browse (1.0.0)
    gem-ctags (1.0.6)
    gem-release (0.7.3)
    git-pairing (0.5.3)
      awesome_print (>= 1.1.0)
      highline (>= 1.6.15)
      paint (>= 0.8.5)
      trollop (>= 2.0)
    github-auth (3.0.1)
      httparty (~> 0.11.0)
      thor (~> 0.18)
    grit (2.5.0)
      diff-lcs (~> 1.1)
      mime-types (~> 1.15)
      posix-spawn (~> 0.3.6)
    gx (1.3.3)
      grit (~> 2.4)
    highline (1.6.21)
    hirb (0.7.2)
    hirb-unicode (0.0.5)
      hirb (~> 0.5)
      unicode-display_width (~> 0.1.1)
    hookup (1.2.4)
    http-cookie (1.0.2)
      domain_name (~> 0.5)
    httparty (0.11.0)
      multi_json (~> 1.0)
      multi_xml (>= 0.5.2)
    hub (1.12.2)
    i18n (0.6.11)
    infect (0.0.5)
    interactive_editor (0.0.10)
      spoon (>= 0.0.1)
    interception (0.5)
    irbtools (1.7.0)
      alias (~> 0.2.3)
      binding.repl (~> 1, >= 1.0.4)
      boson (~> 1.3.0)
      boson-more (~> 0.3.0)
      clipboard (~> 1.0.5)
      coderay (~> 1.1.0)
      debugging (~> 1.0)
      every_day_irb (>= 1.7.0)
      fancy_irb (>= 0.7.3)
      g (>= 1.7.2)
      hirb (~> 0.7)
      interactive_editor (>= 0.0.10)
      method_locator (>= 0.0.4)
      method_source (>= 0.8.2)
      methodfinder (>= 1.2.5)
      ori (~> 0.1.0)
      os (~> 0.9)
      paint (>= 0.8.7)
      ruby_engine (~> 1.0)
      ruby_info (~> 1.0)
      ruby_version (~> 1.0)
      wirb (>= 1.0.3)
    irbtools-more (1.7.1)
      binding_of_caller (~> 0.7)
      bond (~> 0.5)
      did_you_mean (~> 0.9)
      irbtools (~> 1.7)
      looksee (~> 2.1)
    json (1.8.1)
    looksee (2.1.1)
    lunchy (0.8.0)
    mechanize (2.7.2)
      domain_name (~> 0.5, >= 0.5.1)
      http-cookie (~> 1.0.0)
      mime-types (~> 1.17, >= 1.17.2)
      net-http-digest_auth (~> 1.1, >= 1.1.1)
      net-http-persistent (~> 2.5, >= 2.5.2)
      nokogiri (~> 1.4)
      ntlm-http (~> 0.1, >= 0.1.1)
      webrobots (>= 0.0.9, < 0.2)
    method_locator (0.0.4)
    method_source (0.8.2)
    methodfinder (2.0.0)
    mime-types (1.25.1)
    mini_portile (0.6.1)
    multi_json (1.10.1)
    multi_xml (0.5.5)
    multipart-post (2.0.0)
    net-http-digest_auth (1.4)
    net-http-persistent (2.9.4)
    nokogiri (1.6.4.1)
      mini_portile (~> 0.6.0)
    ntlm-http (0.1.1)
    ori (0.1.0)
    os (0.9.6)
    paint (0.8.7)
    parser (2.2.0.pre.8)
      ast (>= 1.1, < 3.0)
      slop (~> 3.4, >= 3.4.5)
    posix-spawn (0.3.9)
    powerpack (0.0.9)
    pry (0.10.1)
      coderay (~> 1.1.0)
      method_source (~> 0.8.1)
      slop (~> 3.4)
    pry-clipboard (0.1.1)
      clipboard
      pry
    pry-nav (0.2.4)
      pry (>= 0.9.10, < 0.11.0)
    pry-theme (1.1.3)
      coderay (~> 1.1)
      json (~> 1.8)
    rainbow (2.0.0)
    rubocop (0.27.1)
      astrolabe (~> 1.3)
      parser (>= 2.2.0.pre.7, < 3.0)
      powerpack (~> 0.0.6)
      rainbow (>= 1.99.1, < 3.0)
      ruby-progressbar (~> 1.4)
    ruby-progressbar (1.7.0)
    ruby-tapas-downloader (2.0.3)
      mechanize (~> 2.7)
      thor (~> 0.19)
      user-configurations (~> 0.1)
    ruby_engine (1.0.1)
    ruby_info (1.0.1)
    ruby_version (1.0.1)
    slop (3.6.0)
    spoon (0.0.4)
      ffi
    sqlite3 (1.3.10)
    thor (0.19.1)
    tmuxinator (0.6.9)
      erubis (~> 2.6)
      thor (~> 0.19, >= 0.15.0)
    trollop (2.0)
    unf (0.1.4)
      unf_ext
    unf_ext (0.0.6)
    unicode-display_width (0.1.1)
    user-configurations (0.1.0)
      activesupport (~> 3.0)
    webrobots (0.1.1)
    wirb (1.0.3)
      paint (~> 0.8)
    wirble (0.1.3)
    yard (0.8.7.6)

PLATFORMS
  ruby

DEPENDENCIES
  awesome_print
  bundler
  desktop
  discover-unused-partials
  gem-browse
  gem-ctags
  gem-release
  git-pairing
  github-auth
  gx
  hirb
  hirb-unicode
  hookup
  hub
  infect
  interactive_editor
  irbtools
  irbtools-more
  lunchy
  pry
  pry-clipboard
  pry-nav
  pry-theme
  rubocop
  ruby-tapas-downloader
  tmuxinator
  wirb
  wirble
  yard
